GIT
  remote: https://github.com/moredip/timestamped-scenarios.git
  revision: 9e6a80ca30cc99758c7bad341a13decf9f5561b4
  specs:
    timestamped-scenarios (0.1.0)
      cucumber

GEM
  remote: http://rubygems.org/
  specs:
    Selenium (1.1.14)
    activemodel (3.2.0)
      activesupport (= 3.1.12)
      builder (~> 3.0.0)
    activerecord (3.2.0)
      activemodel (= 3.2.0)
      activesupport (= 3.1.12)
      arel (~> 3.0.0)
      tzinfo (~> 0.3.29)
    activerecord-oracle_enhanced-adapter (1.4.2)
    activesupport (3.1.12)
      i18n (~> 0.6)
      multi_json (~> 1.0)
    addressable (2.3.5)
    arel (3.0.2)
    builder (3.0.4)
    capybara (2.1.0)
      mime-types (>= 1.16)
      nokogiri (>= 1.3.3)
      rack (>= 1.0.0)
      rack-test (>= 0.5.4)
      xpath (~> 2.0)
    childprocess (0.3.9)
      ffi (~> 1.0, >= 1.0.11)
    chronic (0.10.1)
    coderay (1.0.9)
    commonwatir (4.0.0)
    cucumber (1.2.1)
      builder (>= 2.1.2)
      diff-lcs (>= 1.1.3)
      gherkin (~> 2.11.0)
      json (>= 1.4.6)
    cukeforker (0.1.7)
      cucumber (>= 1.1.5)
      vnctools (~> 0.0.4)
    cukeforker-webdriver (0.0.1)
      capybara
      childprocess
      cucumber
      gherkin
      rspec
      selenium-webdriver
    diff-lcs (1.2.4)
    factory_girl (4.2.0)
      activesupport (>= 3.0.0)
    ffi (1.9.0-x86-mingw32)
    firewatir (1.9.4)
      commonwatir (>= 1.9.2)
    gherkin (2.11.6-x86-mingw32)
      multi_json (~> 1.3)
    har (0.0.9)
      jschematic (>= 0.1.0)
      json
      launchy (>= 0.3.7)
    headless (1.0.1)
    hoe (3.7.1)
      rake (>= 0.8, < 11.0)
    httpclient (2.3.4.1)
    i18n (0.6.5)
    jschematic (0.1.0)
      addressable
    json (1.8.0)
    launchy (2.3.0)
      addressable (~> 2.3)
    method_source (0.8.2)
    mime-types (1.25)
    mini_portile (0.5.1)
    mocha (0.9.12)
    multi_json (1.7.9)
    mysql2 (0.3.11-x86-mingw32)
    net-ssh (2.6.8)
    nokogiri (1.6.0-x86-mingw32)
      mini_portile (~> 0.5.0)
    os (0.9.6)
    pry (0.9.12.2-x86-mingw32)
      coderay (~> 1.0.5)
      method_source (~> 0.8)
      slop (~> 3.4)
      win32console (~> 1.3)
    pry-nav (0.2.3)
      pry (~> 0.9.10)
    rack (1.5.2)
    rack-test (0.6.2)
      rack (>= 1.0)
    rake (0.9.6)
    rspec (2.14.1)
      rspec-core (~> 2.14.0)
      rspec-expectations (~> 2.14.0)
      rspec-mocks (~> 2.14.0)
    rspec-core (2.14.5)
    rspec-expectations (2.14.2)
      diff-lcs (>= 1.1.3, < 2.0)
    rspec-mocks (2.14.3)
    rubigen (1.5.7)
      activesupport (>= 2.3.5)
      i18n
    rubyzip (0.9.9)
    s4t-utils (1.0.4)
      hoe (>= 1.3.0)
    selenium-webdriver (2.35.1)
      childprocess (>= 0.2.5)
      multi_json (~> 1.0)
      rubyzip (< 1.0.0)
      websocket (~> 1.0.4)
    slop (3.4.6)
    syntax (1.0.0)
    taza (0.9.1.2)
      Selenium (~> 1.1.14)
      firewatir (~> 1.9.4)
      mocha (~> 0.9.3)
      rake (~> 0.9.2)
      rspec (~> 2.6)
      rubigen (~> 1.5.6)
      user-choices (~> 1.1.6.1)
      watir-webdriver (~> 0.4)
    tzinfo (0.3.37)
    user-choices (1.1.6.1)
      builder (>= 2.1.2)
      s4t-utils (>= 1.0.3)
      xml-simple (>= 1.0.11)
    vnctools (0.0.9)
      childprocess
    watchr (0.7)
    watir-webdriver (0.6.4)
      selenium-webdriver (>= 2.18.0)
    websocket (1.0.7)
    win32console (1.3.2-x86-mingw32)
    xml-simple (1.1.2)
    xpath (2.0.0)
      nokogiri (~> 1.3)

PLATFORMS
  x86-mingw32

DEPENDENCIES
  activemodel (= 3.2.0)
  activerecord (= 3.2.0)
  activerecord-oracle_enhanced-adapter
  activesupport (= 3.1.12)
  chronic
  cucumber (= 1.2.1)
  cukeforker (= 0.1.7)
  cukeforker-webdriver
  factory_girl
  har
  headless
  httpclient
  mysql2 (= 0.3.11)
  net-ssh
  os
  pry
  pry-nav
  rspec
  selenium-webdriver
  syntax
  taza (= 0.9.1.2)
  timestamped-scenarios!
  watchr
  watir-webdriver
